GEM
  remote: https://rubygems.org/
  specs:
    domain_name (0.5.20190701)
      unf (>= 0.0.5, < 1.0.0)
    http-accept (1.7.0)
    http-cookie (1.0.4)
      domain_name (~> 0.5)
    mime-types (3.3.1)
      mime-types-data (~> 3.2015)
    mime-types-data (3.2021.0901)
    mustermann (1.1.1)
      ruby2_keywords (~> 0.0.1)
    netrc (0.11.0)
    rack (2.2.3)
    rack-protection (2.1.0)
      rack
    rest-client (2.1.0)
      http-accept (>= 1.7.0, < 2.0)
      http-cookie (>= 1.0.2, < 2.0)
      mime-types (>= 1.16, < 4.0)
      netrc (~> 0.8)
    ruby2_keywords (0.0.5)
    sinatra (2.1.0)
      mustermann (~> 1.0)
      rack (~> 2.2)
      rack-protection (= 2.1.0)
      tilt (~> 2.0)
    sinatra-cors (1.2.0)
    smartpay (0.2.13)
      rest-client (~> 2.1)
    tilt (2.0.10)
    unf (0.1.4)
      unf_ext
    unf_ext (0.0.8)

PLATFORMS
  arm64-darwin-20
  x86_64-darwin-20

DEPENDENCIES
  sinatra
  sinatra-cors
  smartpay (~> 0)

BUNDLED WITH
   2.2.30
